GEM
  remote: https://rubygems.org/
  specs:
    activemodel (3.2.6)
      activesupport (= 3.2.6)
      builder (~> 3.0.0)
    activeresource (3.2.6)
      activemodel (= 3.2.6)
      activesupport (= 3.2.6)
    activesupport (3.2.6)
      i18n (~> 0.6)
      multi_json (~> 1.0)
    builder (3.0.0)
    i18n (0.6.0)
    multi_json (1.3.6)

PLATFORMS
  ruby

DEPENDENCIES
  activeresource
